GIT
  remote: git@github.com:pry/pry.git
  revision: dc115835f2c1b8d4631de81ef11c54f5462140b9
  specs:
    pry (0.10.0.pre)
      coderay (~> 1.1.0)
      method_source (~> 0.8)
      slop (~> 3.4)

GEM
  remote: https://rubygems.org/
  specs:
    activesupport-inflector (0.1.0)
    coderay (1.1.0)
    diff-lcs (1.2.5)
    i18n (0.6.9)
    interception (0.5)
    method_source (0.8.2)
    pry-doc (0.6.0)
      pry (~> 0.9)
      yard (~> 0.8)
    pry-rescue (1.4.0)
      interception (>= 0.4)
      pry
    require_all (1.3.2)
    rspec (2.14.1)
      rspec-core (~> 2.14.0)
      rspec-expectations (~> 2.14.0)
      rspec-mocks (~> 2.14.0)
    rspec-core (2.14.8)
    rspec-expectations (2.14.5)
      diff-lcs (>= 1.1.3, < 2.0)
    rspec-mocks (2.14.6)
    slop (3.5.0)
    yard (0.8.7.4)

PLATFORMS
  ruby

DEPENDENCIES
  activesupport-inflector
  i18n
  pry!
  pry-doc
  pry-rescue
  require_all
  rspec
